GEM
  remote: http://rubygems.org/
  specs:
    activesupport (3.2.3)
      i18n (~> 0.6)
      multi_json (~> 1.0)
    eventmachine (0.12.10)
    i18n (0.6.0)
    kgio (2.7.4)
    multi_json (1.3.4)
    thor (0.14.6)

PLATFORMS
  ruby

DEPENDENCIES
  activesupport (~> 3.2.0)
  eventmachine
  kgio
  thor
